GEM
  remote: http://rubygems.org/
  specs:
    RubyInline (3.8.4)
      ZenTest
    ZenTest (4.0.0)
    aasm (3.0.16)
    abstract (1.0.0)
    actionmailer (3.0.20)
      actionpack (= 3.0.20)
      mail (~> 2.2.19)
    actionpack (3.0.20)
      activemodel (= 3.0.20)
      activesupport (= 3.0.20)
      builder (~> 2.1.2)
      erubis (~> 2.6.6)
      i18n (~> 0.5.0)
      rack (~> 1.2.5)
      rack-mount (~> 0.6.14)
      rack-test (~> 0.5.7)
      tzinfo (~> 0.3.23)
    activemodel (3.0.20)
      activesupport (= 3.0.20)
      builder (~> 2.1.2)
      i18n (~> 0.5.0)
    activerecord (3.0.20)
      activemodel (= 3.0.20)
      activesupport (= 3.0.20)
      arel (~> 2.0.10)
      tzinfo (~> 0.3.23)
    activeresource (3.0.20)
      activemodel (= 3.0.20)
      activesupport (= 3.0.20)
    activesupport (3.0.20)
    airbrake (4.2.1)
      builder
      multi_json
    arel (2.0.10)
    astrails-safe (0.3.1)
      aws-s3
      cloudfiles
      net-sftp
    authlogic (3.2.0)
      activerecord (>= 3.0.0)
      activesupport (>= 3.0.0)
    aws-s3 (0.6.3)
      builder
      mime-types
      xml-simple
    builder (2.1.2)
    chronic (0.10.2)
    cloudfiles (1.5.0.3)
      json
    cocaine (0.3.2)
    daemons (1.2.2)
    diff-lcs (1.2.5)
    erubis (2.6.6)
      abstract (>= 1.0.0)
    eventmachine (1.0.7)
    factory_girl (2.3.2)
      activesupport
    factory_girl_rails (1.4.0)
      factory_girl (~> 2.3.0)
      railties (>= 3.0.0)
    fast_gettext (0.9.2)
    fastercsv (1.5.5)
    fastthread (1.0.7)
    formtastic (2.3.1)
      actionpack (>= 3.0)
    gravtastic (2.2.0)
    haml (3.1.7)
    has_scope (0.5.1)
    high_voltage (1.2.1)
    hoe (2.8.0)
      rake (>= 0.8.7)
    i18n (0.5.4)
    image_science (1.2.1)
    inherited_resources (1.3.1)
      has_scope (~> 0.5.0)
      responders (~> 0.6)
    innertube (1.0.2)
    jquery-rails (3.1.2)
      railties (>= 3.0, < 5.0)
      thor (>= 0.14, < 2.0)
    json (1.8.3)
    mail (2.2.20)
      activesupport (>= 2.3.6)
      i18n (>= 0.4.0)
      mime-types (~> 1.16)
      treetop (~> 1.4.8)
    metaclass (0.0.4)
    mime-types (1.25.1)
    mini_magick (4.2.7)
    mocha (1.1.0)
      metaclass (~> 0.0.1)
    multi_json (1.11.1)
    mysql (2.9.1)
    net-sftp (2.1.2)
      net-ssh (>= 2.6.5)
    net-ssh (2.9.2)
    nokogiri (1.5.6)
    open4 (1.3.4)
    paperclip (2.4.5)
      activerecord (>= 2.3.0)
      activesupport (>= 2.3.2)
      cocaine (>= 0.0.2)
      mime-types
    passenger (2.2.11)
      fastthread (>= 1.0.1)
      rack
      rake (>= 0.8.1)
    polyglot (0.3.5)
    query_trace (0.1.1)
      activerecord
    rack (1.2.6)
    rack-mount (0.6.14)
      rack (>= 1.0.0)
    rack-test (0.5.7)
      rack (>= 1.0)
    rails (3.0.20)
      actionmailer (= 3.0.20)
      actionpack (= 3.0.20)
      activerecord (= 3.0.20)
      activeresource (= 3.0.20)
      activesupport (= 3.0.20)
      bundler (~> 1.0)
      railties (= 3.0.20)
    railties (3.0.20)
      actionpack (= 3.0.20)
      activesupport (= 3.0.20)
      rake (>= 0.8.7)
      rdoc (~> 3.4)
      thor (~> 0.14.4)
    rake (10.4.2)
    rdoc (3.12.2)
      json (~> 1.4)
    responders (0.6.5)
    riddle (1.5.12)
    rmagick (2.15.2)
    rspec (3.2.0)
      rspec-core (~> 3.2.0)
      rspec-expectations (~> 3.2.0)
      rspec-mocks (~> 3.2.0)
    rspec-core (3.2.3)
      rspec-support (~> 3.2.0)
    rspec-expectations (3.2.1)
      diff-lcs (>= 1.2.0, < 2.0)
      rspec-support (~> 3.2.0)
    rspec-mocks (3.2.1)
      diff-lcs (>= 1.2.0, < 2.0)
      rspec-support (~> 3.2.0)
    rspec-rails (3.2.3)
      actionpack (>= 3.0, < 4.3)
      activesupport (>= 3.0, < 4.3)
      railties (>= 3.0, < 4.3)
      rspec-core (~> 3.2.0)
      rspec-expectations (~> 3.2.0)
      rspec-mocks (~> 3.2.0)
      rspec-support (~> 3.2.0)
    rspec-support (3.2.2)
    rspec2-rails-views-matchers (0.2.2)
      nokogiri (>= 1.4.4)
      rspec (>= 2.0.0)
    ruby_parser (3.7.0)
      sexp_processor (~> 4.1)
    sass (3.4.14)
    sexp_processor (4.6.0)
    test-unit (1.2.3)
      hoe (>= 1.5.1)
    thin (1.6.3)
      daemons (~> 1.0, >= 1.0.9)
      eventmachine (~> 1.0)
      rack (~> 1.0)
    thinking-sphinx (2.1.0)
      activerecord (>= 3.0.3)
      builder (>= 2.1.2)
      innertube (~> 1.0.2)
      riddle (>= 1.5.6)
    thor (0.14.6)
    treetop (1.4.15)
      polyglot
      polyglot (>= 0.3.1)
    tzinfo (0.3.44)
    vlad (1.4.0)
      open4
      rake (>= 0.8.1)
    whenever (0.9.4)
      chronic (>= 0.6.3)
    will_paginate (2.3.15)
    xml-simple (1.1.5)

PLATFORMS
  ruby

DEPENDENCIES
  RubyInline
  ZenTest (= 4.0.0)
  aasm (= 3.0.16)
  airbrake
  astrails-safe
  authlogic
  aws-s3
  builder
  cocaine (= 0.3.2)
  daemons
  factory_girl_rails (= 1.4.0)
  fast_gettext
  fastercsv
  formtastic
  gravtastic (= 2.2.0)
  haml (= 3.1.7)
  has_scope
  high_voltage (= 1.2.1)
  hoe (= 2.8.0)
  image_science
  inherited_resources
  jquery-rails (>= 1.0.12)
  json (>= 1.7.7)
  mime-types
  mini_magick
  mocha
  mysql
  nokogiri (= 1.5.6)
  paperclip (~> 2.4.5)
  passenger (= 2.2.11)
  query_trace
  rack (= 1.2.6)
  rails (= 3.0.20)
  rake
  rmagick
  rspec
  rspec-rails
  rspec2-rails-views-matchers
  ruby_parser
  sass
  test-unit (= 1.2.3)
  thin
  thinking-sphinx
  tzinfo
  vlad (= 1.4.0)
  whenever
  will_paginate (= 2.3.15)

BUNDLED WITH
   1.10.3
