PATH
  remote: ./vendor/gems/fast_gettext-0.4.17
  specs:
    fast_gettext (0.4.17)

GEM
  remote: http://rubygems.org/
  specs:
    RubyInline (3.9.0)
      ZenTest (~> 4.3)
    ZenTest (4.5.0)
    aaronh-chronic (0.3.9)
    aasm (2.1.3)
    actionmailer (2.3.4)
      actionpack (= 2.3.4)
    actionpack (2.3.4)
      activesupport (= 2.3.4)
      rack (~> 1.0.0)
    activerecord (2.3.4)
      activesupport (= 2.3.4)
    activeresource (2.3.4)
      activesupport (= 2.3.4)
    activesupport (2.3.4)
    after_commit (1.0.8)
      activerecord (< 3.0.0)
    authlogic (2.1.1)
      activesupport
    aws-s3 (0.5.1)
      builder
      mime-types
      xml-simple
    builder (3.0.0)
    columnize (0.3.2)
    daemons (1.1.0)
    factory_girl (1.3.3)
    fastercsv (1.5.0)
    formtastic (0.9.1)
    gettext (2.1.0)
      locale (>= 2.0.5)
    gravtastic (2.2.0)
    grosser-pomo (0.5.1)
    haml (3.0.25)
    hoptoad_notifier (2.3.2)
      activesupport
    image_science (1.2.1)
    inaction_mailer (0.6)
    json (1.5.1)
    linecache (0.43)
    locale (2.0.5)
    mime-types (1.16)
    mocha (0.9.8)
      rake
    mysql (2.8.1)
    open4 (1.0.1)
    query_trace (0.1.1)
      activerecord
    rack (1.0.1)
    rails (2.3.4)
      actionmailer (= 2.3.4)
      actionpack (= 2.3.4)
      activerecord (= 2.3.4)
      activeresource (= 2.3.4)
      activesupport (= 2.3.4)
      rake (>= 0.8.3)
    rake (0.8.7)
    riddle (1.2.2)
    right_aws (1.10.0)
      right_http_connection (>= 1.2.4)
    right_http_connection (1.2.4)
    rspec (1.3.0)
    rspec-rails (1.3.2)
      rack (>= 1.0.0)
      rspec (>= 1.3.0)
    ruby-debug (0.10.4)
      columnize (>= 0.1)
      ruby-debug-base (~> 0.10.4.0)
    ruby-debug-base (0.10.4)
      linecache (>= 0.3)
    thinking-sphinx (1.3.15)
      activerecord (>= 1.15.6)
      after_commit (>= 1.0.5)
      riddle (>= 1.0.9)
    vlad (1.4.0)
      open4
      rake (>= 0.8.1)
    whenever (0.6.2)
      aaronh-chronic (>= 0.3.9)
      activesupport (>= 2.3.4)
    will_paginate (2.3.15)
    xml-simple (1.0.14)

PLATFORMS
  ruby

DEPENDENCIES
  RubyInline
  aasm (= 2.1.3)
  authlogic (= 2.1.1)
  aws-s3 (= 0.5.1)
  builder (= 3.0.0)
  daemons (= 1.1.0)
  factory_girl
  fast_gettext (= 0.4.17)!
  fastercsv (= 1.5.0)
  formtastic (= 0.9.1)
  gettext (= 2.1.0)
  gravtastic (= 2.2.0)
  grosser-pomo (>= 0.5.1)
  haml (>= 2.0.9)
  hoptoad_notifier (= 2.3.2)
  image_science (= 1.2.1)
  inaction_mailer
  json (= 1.5.1)
  mime-types (= 1.16)
  mocha (= 0.9.8)
  mysql (= 2.8.1)
  query_trace
  rails (= 2.3.4)
  right_aws (= 1.10.0)
  rspec (= 1.3.0)
  rspec-rails (= 1.3.2)
  ruby-debug
  thinking-sphinx (= 1.3.15)
  vlad (= 1.4.0)
  whenever
  will_paginate (= 2.3.15)
